GEM
  specs:
    catpix (0.2.0)
      docopt (~> 0.5, >= 0.5.0)
      rmagick (~> 2.15, >= 2.15.2)
      ruby-terminfo (~> 0.1, >= 0.1.1)
      tco (~> 0.1, >= 0.1.8)
    docopt (0.6.1)
    mini_magick (4.9.3)
    rmagick (2.16.0)
    ruby-terminfo (0.1.1)
    tco (0.1.8)

PLATFORMS
  ruby

DEPENDENCIES
  catpix (~> 0.2.0)
  mini_magick (~> 4.9)
  rmagick (~> 2.16)

BUNDLED WITH
   2.0.1
